GEM
  remote: https://rubygems.org/
  specs:
    actionpack (3.2.12)
      activemodel (= 3.2.12)
      activesupport (= 3.2.12)
      builder (~> 3.0.0)
      erubis (~> 2.7.0)
      journey (~> 1.0.4)
      rack (~> 1.4.5)
      rack-cache (~> 1.2)
      rack-test (~> 0.6.1)
      sprockets (~> 2.2.1)
    activemodel (3.2.12)
      activesupport (= 3.2.12)
      builder (~> 3.0.0)
    activesupport (3.2.12)
      i18n (~> 0.6)
      multi_json (~> 1.0)
    builder (3.0.4)
    coderay (1.0.9)
    cucumber (1.2.3)
      builder (>= 2.1.2)
      diff-lcs (>= 1.1.3)
      gherkin (~> 2.11.6)
      multi_json (~> 1.3)
    diff-lcs (1.2.1)
    erubis (2.7.0)
    gherkin (2.11.6)
      json (>= 1.7.6)
    hike (1.2.1)
    i18n (0.6.4)
    journey (1.0.4)
    json (1.7.7)
    method_source (0.8.1)
    minitest (4.6.2)
    minitest-ci (2.4.0)
      minitest (>= 3.0, < 5.0)
    multi_json (1.6.1)
    pry (0.9.12)
      coderay (~> 1.0.5)
      method_source (~> 0.8)
      slop (~> 3.4)
    rack (1.4.5)
    rack-cache (1.2)
      rack (>= 0.4)
    rack-test (0.6.2)
      rack (>= 1.0)
    rr (1.0.4)
    simplecov (0.7.1)
      multi_json (~> 1.0)
      simplecov-html (~> 0.7.1)
    simplecov-html (0.7.1)
    slop (3.4.4)
    sprockets (2.2.2)
      hike (~> 1.2)
      multi_json (~> 1.0)
      rack (~> 1.0)
      tilt (~> 1.1, != 1.3.0)
    tilt (1.3.5)

PLATFORMS
  ruby

DEPENDENCIES
  actionpack
  cucumber
  minitest
  minitest-ci
  pry
  rr
  simplecov
